GEM
  remote: http://rubygems.org/
  specs:
    actionmailer (3.1.11)
      actionpack (= 3.1.11)
      mail (~> 2.3.3)
    actionpack (3.1.11)
      activemodel (= 3.1.11)
      activesupport (= 3.1.11)
      builder (~> 3.0.0)
      erubis (~> 2.7.0)
      i18n (~> 0.6)
      rack (~> 1.3.6)
      rack-cache (~> 1.2)
      rack-mount (~> 0.8.2)
      rack-test (~> 0.6.1)
      sprockets (~> 2.0.4)
    activemodel (3.1.11)
      activesupport (= 3.1.11)
      builder (~> 3.0.0)
      i18n (~> 0.6)
    activerecord (3.1.11)
      activemodel (= 3.1.11)
      activesupport (= 3.1.11)
      arel (~> 2.2.3)
      tzinfo (~> 0.3.29)
    activeresource (3.1.11)
      activemodel (= 3.1.11)
      activesupport (= 3.1.11)
    activesupport (3.1.11)
      multi_json (~> 1.0)
    arel (2.2.3)
    blockenspiel (0.4.3)
    bombshell (0.1.5)
    brighter_planet_metadata (0.0.13)
      activesupport (>= 2.3.4)
      cache_method
      eat
      i18n
    builder (3.0.4)
    cache (0.2.6)
      activesupport (>= 2.3.11)
      i18n
    cache_method (0.1.5)
      cache (>= 0.2.1)
    capybara (1.1.1)
      mime-types (>= 1.16)
      nokogiri (>= 1.3.3)
      rack (>= 1.0.0)
      rack-test (>= 0.5.4)
      selenium-webdriver (~> 2.0)
      xpath (~> 0.1.4)
    carbon (1.1.2)
      activesupport (>= 2.3.5)
      blockenspiel
      bombshell
      brighter_planet_metadata
      conversions
      i18n
      nap
      timeframe
    childprocess (0.3.7)
      ffi (~> 1.0, >= 1.0.6)
    conversions (1.4.5)
      activesupport (>= 2.3.4)
    crashlog (1.0.7)
      crashlog-auth-hmac (>= 1.1.7)
      faraday (~> 0.8.4)
      hashr
      json
      multi_json (>= 1.1.0)
      rabl (>= 0.6.13)
      uuid
    crashlog-auth-hmac (1.1.7)
    cucumber (1.0.6)
      builder (>= 2.1.2)
      diff-lcs (>= 1.1.2)
      gherkin (~> 2.4.18)
      json (>= 1.4.6)
      term-ansicolor (>= 1.0.6)
    cucumber-rails (1.0.2)
      capybara (>= 1.0.0)
      cucumber (~> 1.0.0)
      nokogiri (>= 1.4.6)
    database_cleaner (0.6.7)
    decent_exposure (1.0.1)
    diff-lcs (1.1.3)
    dkastner-moneta (1.1.1)
    eat (0.1.2)
    email_spec (1.1.1)
      rspec (~> 2.0)
    erubis (2.7.0)
    escape_utils (0.2.3)
    faker (0.3.1)
    fakeweb (1.3.0)
    fakeweb-matcher (1.2.2)
      fakeweb (>= 1.2.5)
      rspec (>= 1.2.0)
    faraday (0.8.5)
      multipart-post (~> 1.1)
    ffi (1.3.1)
    formtastic (1.2.3)
      actionpack (>= 2.3.7)
      activesupport (>= 2.3.7)
      i18n (~> 0.4)
    gherkin (2.4.21)
      json (>= 1.4.6)
    haml (3.0.25)
    hashr (0.0.22)
    hike (1.2.1)
    hominid (3.0.2)
    i18n (0.6.1)
    json (1.7.7)
    lu-tze (0.2.0)
      activerecord (>= 2.3.5)
      rest-client (>= 1.4.2)
    macaddr (1.6.1)
      systemu (~> 2.5.0)
    machinist (2.0.0.beta2)
    mail (2.3.3)
      i18n (>= 0.4.0)
      mime-types (~> 1.16)
      treetop (~> 1.4.8)
    mime-types (1.21)
    multi_json (1.5.1)
    multipart-post (1.1.5)
    nap (0.4)
    nokogiri (1.5.6)
    pg (0.10.1)
    polyglot (0.3.3)
    rabl (0.7.10)
      activesupport (>= 2.3.14)
      multi_json (~> 1.0)
    rack (1.3.10)
    rack-cache (1.2)
      rack (>= 0.4)
    rack-mount (0.8.3)
      rack (>= 1.0.0)
    rack-ssl (1.3.3)
      rack
    rack-test (0.6.2)
      rack (>= 1.0)
    rails (3.1.11)
      actionmailer (= 3.1.11)
      actionpack (= 3.1.11)
      activerecord (= 3.1.11)
      activeresource (= 3.1.11)
      activesupport (= 3.1.11)
      bundler (~> 1.0)
      railties (= 3.1.11)
    railties (3.1.11)
      actionpack (= 3.1.11)
      activesupport (= 3.1.11)
      rack-ssl (~> 1.3.2)
      rake (>= 0.8.7)
      rdoc (~> 3.4)
      thor (~> 0.14.6)
    rake (10.0.3)
    rdoc (3.12.1)
      json (~> 1.4)
    rest-client (1.6.7)
      mime-types (>= 1.16)
    rspec (2.6.0)
      rspec-core (~> 2.6.0)
      rspec-expectations (~> 2.6.0)
      rspec-mocks (~> 2.6.0)
    rspec-core (2.6.4)
    rspec-expectations (2.6.0)
      diff-lcs (~> 1.1.2)
    rspec-mocks (2.6.0)
    rspec-rails (2.6.1)
      actionpack (~> 3.0)
      activesupport (~> 3.0)
      railties (~> 3.0)
      rspec (~> 2.6.0)
    rubyzip (0.9.9)
    selenium-webdriver (2.29.0)
      childprocess (>= 0.2.5)
      multi_json (~> 1.0)
      rubyzip
      websocket (~> 1.0.4)
    sprockets (2.0.4)
      hike (~> 1.2)
      rack (~> 1.0)
      tilt (~> 1.1, != 1.3.0)
    systemu (2.5.2)
    term-ansicolor (1.0.7)
    thor (0.14.6)
    tilt (1.3.3)
    timecop (0.3.5)
    timeframe (0.0.11)
      activesupport (>= 2.3.5)
      i18n
    treetop (1.4.12)
      polyglot
      polyglot (>= 0.3.1)
    tronprint (1.2.3)
      carbon (~> 1.1.1)
      dkastner-moneta (~> 1.1.1)
      i18n
    tzinfo (0.3.35)
    uuid (2.3.6)
      macaddr (~> 1.0)
    websocket (1.0.7)
    will_paginate (3.0.4)
    xpath (0.1.4)
      nokogiri (~> 1.3)

PLATFORMS
  ruby

DEPENDENCIES
  capybara (= 1.1.1)
  crashlog (= 1.0.7)
  cucumber-rails (= 1.0.2)
  database_cleaner (= 0.6.7)
  decent_exposure (= 1.0.1)
  email_spec (= 1.1.1)
  escape_utils (= 0.2.3)
  faker (= 0.3.1)
  fakeweb (= 1.3.0)
  fakeweb-matcher (= 1.2.2)
  formtastic (= 1.2.3)
  haml (= 3.0.25)
  hominid (= 3.0.2)
  lu-tze (= 0.2.0)
  machinist (= 2.0.0.beta2)
  pg (= 0.10.1)
  rack (= 1.3.10)
  rails (= 3.1.11)
  rspec-rails (= 2.6.1)
  timecop (= 0.3.5)
  tronprint (= 1.2.3)
  will_paginate (= 3.0.4)
