GEM
  remote: https://rubygems.org/
  specs:
    actionmailer (3.2.22.5)
      actionpack (= 3.2.22.5)
      mail (~> 2.5.4)
    actionpack (3.2.22.5)
      activemodel (= 3.2.22.5)
      activesupport (= 3.2.22.5)
      builder (~> 3.0.0)
      erubis (~> 2.7.0)
      journey (~> 1.0.4)
      rack (~> 1.4.5)
      rack-cache (~> 1.2)
      rack-test (~> 0.6.1)
      sprockets (~> 2.2.1)
    activemodel (3.2.22.5)
      activesupport (= 3.2.22.5)
      builder (~> 3.0.0)
    activerecord (3.2.22.5)
      activemodel (= 3.2.22.5)
      activesupport (= 3.2.22.5)
      arel (~> 3.0.2)
      tzinfo (~> 0.3.29)
    activeresource (3.2.22.5)
      activemodel (= 3.2.22.5)
      activesupport (= 3.2.22.5)
    activesupport (3.2.22.5)
      i18n (~> 0.6, >= 0.6.4)
      multi_json (~> 1.0)
    arel (3.0.3)
    builder (3.0.4)
    capybara (1.1.1)
      mime-types (>= 1.16)
      nokogiri (>= 1.3.3)
      rack (>= 1.0.0)
      rack-test (>= 0.5.4)
      selenium-webdriver (~> 2.0)
      xpath (~> 0.1.4)
    childprocess (0.7.1)
      ffi (~> 1.0, >= 1.0.11)
    cucumber (1.0.6)
      builder (>= 2.1.2)
      diff-lcs (>= 1.1.2)
      gherkin (~> 2.4.18)
      json (>= 1.4.6)
      term-ansicolor (>= 1.0.6)
    cucumber-rails (1.0.2)
      capybara (>= 1.0.0)
      cucumber (~> 1.0.0)
      nokogiri (>= 1.4.6)
    database_cleaner (0.6.7)
    decent_exposure (1.0.1)
    diff-lcs (1.1.3)
    domain_name (0.5.20170404)
      unf (>= 0.0.5, < 1.0.0)
    email_spec (1.1.1)
      rspec (~> 2.0)
    erubis (2.7.0)
    escape_utils (0.2.3)
    faker (0.3.1)
    fakeweb (1.3.0)
    fakeweb-matcher (1.2.2)
      fakeweb (>= 1.2.5)
      rspec (>= 1.2.0)
    ffi (1.9.18)
    formtastic (1.2.3)
      actionpack (>= 2.3.7)
      activesupport (>= 2.3.7)
      i18n (~> 0.4)
    gherkin (2.4.21)
      json (>= 1.4.6)
    haml (4.0.3)
      tilt
    hike (1.2.3)
    hominid (3.0.2)
    http-cookie (1.0.3)
      domain_name (~> 0.5)
    i18n (0.8.6)
    journey (1.0.4)
    json (1.8.6)
    lu-tze (0.2.0)
      activerecord (>= 2.3.5)
      rest-client (>= 1.4.2)
    machinist (2.0.0.beta2)
    mail (2.5.5)
      mime-types (~> 1.16)
      treetop (~> 1.4.8)
    mime-types (1.25.1)
    mini_portile2 (2.2.0)
    multi_json (1.12.2)
    netrc (0.11.0)
    nokogiri (1.8.0)
      mini_portile2 (~> 2.2.0)
    pg (0.18.4)
    polyglot (0.3.5)
    power_assert (1.1.0)
    rack (1.4.7)
    rack-cache (1.7.1)
      rack (>= 0.4)
    rack-ssl (1.3.4)
      rack
    rack-test (0.6.3)
      rack (>= 1.0)
    rails (3.2.22.5)
      actionmailer (= 3.2.22.5)
      actionpack (= 3.2.22.5)
      activerecord (= 3.2.22.5)
      activeresource (= 3.2.22.5)
      activesupport (= 3.2.22.5)
      bundler (~> 1.0)
      railties (= 3.2.22.5)
    rails_12factor (0.0.3)
      rails_serve_static_assets
      rails_stdout_logging
    rails_serve_static_assets (0.0.5)
    rails_stdout_logging (0.0.5)
    railties (3.2.22.5)
      actionpack (= 3.2.22.5)
      activesupport (= 3.2.22.5)
      rack-ssl (~> 1.3.2)
      rake (>= 0.8.7)
      rdoc (~> 3.4)
      thor (>= 0.14.6, < 2.0)
    rake (12.1.0)
    rb-fsevent (0.10.2)
    rb-inotify (0.9.10)
      ffi (>= 0.5.0, < 2)
    rdoc (3.12.2)
      json (~> 1.4)
    rest-client (2.0.2)
      http-cookie (>= 1.0.2, < 2.0)
      mime-types (>= 1.16, < 4.0)
      netrc (~> 0.8)
    rspec (2.6.0)
      rspec-core (~> 2.6.0)
      rspec-expectations (~> 2.6.0)
      rspec-mocks (~> 2.6.0)
    rspec-core (2.6.4)
    rspec-expectations (2.6.0)
      diff-lcs (~> 1.1.2)
    rspec-mocks (2.6.0)
    rspec-rails (2.6.1)
      actionpack (~> 3.0)
      activesupport (~> 3.0)
      railties (~> 3.0)
      rspec (~> 2.6.0)
    rubyzip (1.2.1)
    sass (3.5.1)
      sass-listen (~> 4.0.0)
    sass-listen (4.0.0)
      rb-fsevent (~> 0.9, >= 0.9.4)
      rb-inotify (~> 0.9, >= 0.9.7)
    selenium-webdriver (2.53.4)
      childprocess (~> 0.5)
      rubyzip (~> 1.0)
      websocket (~> 1.0)
    sprockets (2.2.3)
      hike (~> 1.2)
      multi_json (~> 1.0)
      rack (~> 1.0)
      tilt (~> 1.1, != 1.3.0)
    term-ansicolor (1.6.0)
      tins (~> 1.0)
    test-unit (3.2.5)
      power_assert
    thor (0.20.0)
    tilt (1.4.1)
    timecop (0.3.5)
    tins (1.15.0)
    treetop (1.4.15)
      polyglot
      polyglot (>= 0.3.1)
    tzinfo (0.3.53)
    unf (0.1.4)
      unf_ext
    unf_ext (0.0.7.4)
    websocket (1.2.4)
    will_paginate (3.0.4)
    xpath (0.1.4)
      nokogiri (~> 1.3)

PLATFORMS
  ruby

DEPENDENCIES
  capybara (= 1.1.1)
  cucumber-rails (= 1.0.2)
  database_cleaner (= 0.6.7)
  decent_exposure (= 1.0.1)
  email_spec (= 1.1.1)
  escape_utils (= 0.2.3)
  faker (= 0.3.1)
  fakeweb (= 1.3.0)
  fakeweb-matcher (= 1.2.2)
  formtastic (= 1.2.3)
  haml (= 4.0.3)
  hominid (= 3.0.2)
  lu-tze (= 0.2.0)
  machinist (= 2.0.0.beta2)
  pg (= 0.18.4)
  rails (= 3.2.22.5)
  rails_12factor
  rspec-rails (= 2.6.1)
  sass
  test-unit (~> 3.0)
  timecop (= 0.3.5)
  will_paginate (= 3.0.4)

RUBY VERSION
   ruby 2.3.5p376

BUNDLED WITH
   1.16.0.pre.2
